GEM
  remote: https://rubygems.org/
  specs:
    amq-protocol (2.0.1)
    awesome_print (1.6.1)
    bunny (2.3.1)
      amq-protocol (>= 2.0.1)
    rack (1.6.4)
    rack-protection (1.5.3)
      rack
    sinatra (1.4.7)
      rack (~> 1.5)
      rack-protection (~> 1.4)
      tilt (>= 1.3, < 3)
    slim (3.0.6)
      temple (~> 0.7.3)
      tilt (>= 1.3.3, < 2.1)
    temple (0.7.6)
    tilt (2.0.2)

PLATFORMS
  ruby

DEPENDENCIES
  awesome_print
  bunny
  sinatra
  slim

BUNDLED WITH
   1.11.2
